GIT
  remote: https://github.com/panmari/rails3-jquery-autocomplete.git
  revision: 9f12face2e218040e36bf53767d49a4b3d64aaa8
  specs:
    rails3-jquery-autocomplete (1.0.12)
      rails (>= 3.0)

GEM
  remote: http://rubygems.org/
  specs:
    actionmailer (4.2.0)
      actionpack (= 4.2.0)
      actionview (= 4.2.0)
      activejob (= 4.2.0)
      mail (~> 2.5, >= 2.5.4)
      rails-dom-testing (~> 1.0, >= 1.0.5)
    actionpack (4.2.0)
      actionview (= 4.2.0)
      activesupport (= 4.2.0)
      rack (~> 1.6.0)
      rack-test (~> 0.6.2)
      rails-dom-testing (~> 1.0, >= 1.0.5)
      rails-html-sanitizer (~> 1.0, >= 1.0.1)
    actionview (4.2.0)
      activesupport (= 4.2.0)
      builder (~> 3.1)
      erubis (~> 2.7.0)
      rails-dom-testing (~> 1.0, >= 1.0.5)
      rails-html-sanitizer (~> 1.0, >= 1.0.1)
    activejob (4.2.0)
      activesupport (= 4.2.0)
      globalid (>= 0.3.0)
    activemodel (4.2.0)
      activesupport (= 4.2.0)
      builder (~> 3.1)
    activerecord (4.2.0)
      activemodel (= 4.2.0)
      activesupport (= 4.2.0)
      arel (~> 6.0)
    activesupport (4.2.0)
      i18n (~> 0.7)
      json (~> 1.7, >= 1.7.7)
      minitest (~> 5.1)
      thread_safe (~> 0.3, >= 0.3.4)
      tzinfo (~> 1.1)
    addressable (2.3.6)
    arel (6.0.0)
    autotest-fsevent (0.2.10)
      sys-uname
    autotest-growl (0.2.16)
    autotest-standalone (4.5.11)
    blankslate (2.1.2.4)
    bson (2.3.0)
    bson (2.3.0-java)
    builder (3.2.2)
    capybara (2.4.4)
      mime-types (>= 1.16)
      nokogiri (>= 1.3.3)
      rack (>= 1.0.0)
      rack-test (>= 0.5.4)
      xpath (~> 2.0)
    capybara-webkit (1.4.0)
      capybara (>= 2.3.0, < 2.5.0)
      json
    childprocess (0.5.5)
      ffi (~> 1.0, >= 1.0.11)
    connection_pool (2.1.1)
    cucumber (1.3.18)
      builder (>= 2.1.2)
      diff-lcs (>= 1.1.3)
      gherkin (~> 2.12)
      multi_json (>= 1.7.5, < 2.0)
      multi_test (>= 0.1.1)
    cucumber-rails (1.4.2)
      capybara (>= 1.1.2, < 3)
      cucumber (>= 1.3.8, < 2)
      mime-types (>= 1.16, < 3)
      nokogiri (~> 1.5)
      rails (>= 3, < 5)
    database_cleaner (1.3.0)
    diff-lcs (1.2.5)
    edn (1.0.0)
      parslet (~> 1.4.0)
    erubis (2.7.0)
    execjs (2.2.2)
    ffi (1.9.6)
    ffi (1.9.6-java)
    gherkin (2.12.2)
      multi_json (~> 1.3)
    gherkin (2.12.2-java)
      multi_json (~> 1.3)
    globalid (0.3.0)
      activesupport (>= 4.1.0)
    google_visualr (2.4.0)
    gravatar_image_tag (1.2.0)
    haml (4.0.6)
      tilt
    haml-rails (0.7.0)
      actionpack (>= 4.0.1)
      activesupport (>= 4.0.1)
      haml (>= 3.1, < 5.0)
      html2haml (>= 1.0.1)
      railties (>= 4.0.1)
    hike (1.2.3)
    html2haml (2.0.0)
      erubis (~> 2.7.0)
      haml (~> 4.0.0)
      nokogiri (~> 1.6.0)
      ruby_parser (~> 3.5)
    i18n (0.7.0)
    i18n-js (2.1.2)
      i18n
    jquery-rails (4.0.3)
      rails-dom-testing (~> 1.0)
      railties (>= 4.2.0)
      thor (>= 0.14, < 2.0)
    jquery-ui-rails (4.2.1)
      railties (>= 3.2.16)
    json (1.8.2)
    json (1.8.2-java)
    launchy (2.4.3)
      addressable (~> 2.3)
    launchy (2.4.3-java)
      addressable (~> 2.3)
      spoon (~> 0.0.1)
    loofah (2.0.1)
      nokogiri (>= 1.5.9)
    mail (2.6.3)
      mime-types (>= 1.16, < 3)
    mime-types (2.4.3)
    mini_portile (0.5.3)
    minitest (5.5.1)
    momentjs-rails (2.9.0)
      railties (>= 3.1)
    mongoid (4.0.0)
      activemodel (~> 4.0)
      moped (~> 2.0.0)
      origin (~> 2.1)
      tzinfo (>= 0.3.37)
    moped (2.0.3)
      bson (~> 2.2)
      connection_pool (~> 2.0)
      optionable (~> 0.2.0)
    multi_json (1.10.1)
    multi_test (0.1.1)
    newrelic_rpm (3.9.9.275)
    nokogiri (1.6.1)
      mini_portile (~> 0.5.0)
    nokogiri (1.6.1-java)
      mini_portile (~> 0.5.0)
    optionable (0.2.0)
    origin (2.1.1)
    parslet (1.4.0)
      blankslate (~> 2.0)
    pg_jruby (0.14.1.rc2-java)
    power_assert (0.2.2)
    rack (1.6.0)
    rack-test (0.6.3)
      rack (>= 1.0)
    rails (4.2.0)
      actionmailer (= 4.2.0)
      actionpack (= 4.2.0)
      actionview (= 4.2.0)
      activejob (= 4.2.0)
      activemodel (= 4.2.0)
      activerecord (= 4.2.0)
      activesupport (= 4.2.0)
      bundler (>= 1.3.0, < 2.0)
      railties (= 4.2.0)
      sprockets-rails
    rails-deprecated_sanitizer (1.0.3)
      activesupport (>= 4.2.0.alpha)
    rails-dom-testing (1.0.5)
      activesupport (>= 4.2.0.beta, < 5.0)
      nokogiri (~> 1.6.0)
      rails-deprecated_sanitizer (>= 1.0.1)
    rails-html-sanitizer (1.0.1)
      loofah (~> 2.0)
    railties (4.2.0)
      actionpack (= 4.2.0)
      activesupport (= 4.2.0)
      rake (>= 0.8.7)
      thor (>= 0.18.1, < 2.0)
    rake (10.1.1)
    rspec-core (3.1.7)
      rspec-support (~> 3.1.0)
    rspec-expectations (3.1.2)
      diff-lcs (>= 1.2.0, < 2.0)
      rspec-support (~> 3.1.0)
    rspec-mocks (3.1.3)
      rspec-support (~> 3.1.0)
    rspec-rails (3.1.0)
      actionpack (>= 3.0)
      activesupport (>= 3.0)
      railties (>= 3.0)
      rspec-core (~> 3.1.0)
      rspec-expectations (~> 3.1.0)
      rspec-mocks (~> 3.1.0)
      rspec-support (~> 3.1.0)
    rspec-support (3.1.2)
    ruby-debug-base (0.10.5.rc10-java)
    ruby-debug-ide (0.4.24)
      rake (>= 0.8.1)
    ruby-progressbar (1.7.1)
    ruby_parser (3.6.4)
      sexp_processor (~> 4.1)
    rubyzip (1.1.6)
    selenium-webdriver (2.44.0)
      childprocess (~> 0.5)
      multi_json (~> 1.0)
      rubyzip (~> 1.0)
      websocket (~> 1.0)
    sexp_processor (4.4.5)
    simple_form (3.1.0)
      actionpack (~> 4.0)
      activemodel (~> 4.0)
    spoon (0.0.4)
      ffi
    spork (1.0.0rc4)
    spork-rails (4.0.0)
      rails (>= 3.0.0, < 5)
      spork (>= 1.0rc0)
    sprockets (2.12.3)
      hike (~> 1.2)
      multi_json (~> 1.0)
      rack (~> 1.0)
      tilt (~> 1.1, != 1.3.0)
    sprockets-rails (2.2.4)
      actionpack (>= 3.0)
      activesupport (>= 3.0)
      sprockets (>= 2.8, < 4.0)
    sys-uname (0.9.2)
      ffi (>= 1.0.0)
    test-unit (3.0.9)
      power_assert
    therubyrhino (2.0.4)
      therubyrhino_jar (>= 1.7.3)
    therubyrhino_jar (1.7.4)
    thor (0.19.1)
    thread_safe (0.3.4)
    thread_safe (0.3.4-java)
    tilt (1.4.1)
    timeliness (0.3.7)
    torquebox (3.1.1)
      thor (>= 0.14.6)
      torquebox-cache (= 3.1.1)
      torquebox-configure (= 3.1.1)
      torquebox-core (= 3.1.1)
      torquebox-messaging (= 3.1.1)
      torquebox-naming (= 3.1.1)
      torquebox-rake-support (= 3.1.1)
      torquebox-security (= 3.1.1)
      torquebox-stomp (= 3.1.1)
      torquebox-transactions (= 3.1.1)
      torquebox-web (= 3.1.1)
    torquebox-cache (3.1.1-java)
      torquebox-core (= 3.1.1)
      torquebox-transactions (= 3.1.1)
    torquebox-configure (3.1.1-java)
      blankslate (= 2.1.2.4)
    torquebox-core (3.1.1-java)
      edn (= 1.0.0)
    torquebox-messaging (3.1.1-java)
      torquebox-core (= 3.1.1)
      torquebox-transactions (= 3.1.1)
    torquebox-naming (3.1.1-java)
      torquebox-core (= 3.1.1)
    torquebox-rake-support (3.1.1)
      rake (= 10.1.1)
    torquebox-security (3.1.1-java)
      torquebox-core (= 3.1.1)
    torquebox-server (3.1.1-java)
      torquebox (= 3.1.1)
    torquebox-stomp (3.1.1)
      torquebox-core (= 3.1.1)
      torquebox-messaging (= 3.1.1)
    torquebox-transactions (3.1.1)
      torquebox-core (= 3.1.1)
    torquebox-web (3.1.1-java)
    tzinfo (1.2.2)
      thread_safe (~> 0.1)
    uglifier (2.7.0)
      execjs (>= 0.3.0)
      json (>= 1.8.0)
    validates_timeliness (3.0.14)
      timeliness (~> 0.3.6)
    websocket (1.2.1)
    xpath (2.0.0)
      nokogiri (~> 1.3)

PLATFORMS
  java
  ruby

DEPENDENCIES
  autotest-fsevent
  autotest-growl
  autotest-standalone
  capybara-webkit
  cucumber-rails
  database_cleaner (< 1.4.0)
  google_visualr
  gravatar_image_tag
  haml
  haml-rails
  i18n-js
  jquery-rails
  jquery-ui-rails (~> 4.0)
  json
  launchy
  momentjs-rails
  mongoid
  newrelic_rpm
  nokogiri (~> 1.6.1.0)
  pg_jruby
  rails
  rails3-jquery-autocomplete!
  rspec-rails
  ruby-debug-base
  ruby-debug-ide
  ruby-progressbar
  selenium-webdriver
  simple_form
  spork-rails
  test-unit
  therubyrhino
  torquebox
  torquebox-server
  uglifier (>= 1.0.3)
  validates_timeliness
