GIT
  remote: git://github.com/panmari/rails3-jquery-autocomplete.git
  revision: 1bb44aae1806349cfd5e097f414bddcf0392b52c
  specs:
    rails3-jquery-autocomplete (1.0.4)
      rails (~> 3.0)

GEM
  remote: http://rubygems.org/
  specs:
    actionmailer (3.2.7)
      actionpack (= 3.2.7)
      mail (~> 2.4.4)
    actionpack (3.2.7)
      activemodel (= 3.2.7)
      activesupport (= 3.2.7)
      builder (~> 3.0.0)
      erubis (~> 2.7.0)
      journey (~> 1.0.4)
      rack (~> 1.4.0)
      rack-cache (~> 1.2)
      rack-test (~> 0.6.1)
      sprockets (~> 2.1.3)
    activemodel (3.2.7)
      activesupport (= 3.2.7)
      builder (~> 3.0.0)
    activerecord (3.2.7)
      activemodel (= 3.2.7)
      activesupport (= 3.2.7)
      arel (~> 3.0.2)
      tzinfo (~> 0.3.29)
    activeresource (3.2.7)
      activemodel (= 3.2.7)
      activesupport (= 3.2.7)
    activesupport (3.2.7)
      i18n (~> 0.6)
      multi_json (~> 1.0)
    addressable (2.3.2)
    arel (3.0.2)
    autotest-fsevent (0.2.8)
      sys-uname
    autotest-growl (0.2.16)
    autotest-standalone (4.5.9)
    blankslate (2.1.2.4)
    bouncy-castle-java (1.5.0146.1)
    builder (3.0.0)
    capybara (1.1.2)
      mime-types (>= 1.16)
      nokogiri (>= 1.3.3)
      rack (>= 1.0.0)
      rack-test (>= 0.5.4)
      selenium-webdriver (~> 2.0)
      xpath (~> 0.1.4)
    childprocess (0.3.5)
      ffi (~> 1.0, >= 1.0.6)
    clj (0.0.5.6)
    cucumber (1.2.1)
      builder (>= 2.1.2)
      diff-lcs (>= 1.1.3)
      gherkin (~> 2.11.0)
      json (>= 1.4.6)
    cucumber-rails (1.3.0)
      capybara (>= 1.1.2)
      cucumber (>= 1.1.8)
      nokogiri (>= 1.5.0)
    database_cleaner (0.8.0)
    diff-lcs (1.1.3)
    erubis (2.7.0)
    execjs (1.4.0)
      multi_json (~> 1.0)
    ffi (1.1.5-java)
    gherkin (2.11.2-java)
      json (>= 1.4.6)
    google_visualr (2.1.3)
    gravatar_image_tag (1.1.3)
    haml (3.1.4)
    haml-rails (0.3.4)
      actionpack (~> 3.0)
      activesupport (~> 3.0)
      haml (~> 3.0)
      railties (~> 3.0)
    hike (1.2.1)
    i18n (0.6.0)
    i18n-js (2.1.2)
      i18n
    journey (1.0.4)
    jquery-rails (2.1.1)
      railties (>= 3.1.0, < 5.0)
      thor (~> 0.14)
    jruby-openssl (0.7.7)
      bouncy-castle-java (>= 1.5.0146.1)
    json (1.7.5-java)
    launchy (2.1.2-java)
      addressable (~> 2.3)
      ffi (~> 1.1.1)
      spoon (~> 0.0.1)
    libwebsocket (0.1.5)
      addressable
    mail (2.4.4)
      i18n (>= 0.4.0)
      mime-types (~> 1.16)
      treetop (~> 1.4.8)
    mime-types (1.19)
    mongoid (3.0.5)
      activemodel (~> 3.1)
      moped (~> 1.1)
      origin (~> 1.0)
      tzinfo (~> 0.3.22)
    moped (1.2.1)
    multi_json (1.3.6)
    net-scp (1.0.4)
      net-ssh (>= 1.99.1)
    net-ssh (2.5.2)
    nokogiri (1.5.5-java)
    origin (1.0.7)
    polyglot (0.3.3)
    rack (1.4.1)
    rack-cache (1.2)
      rack (>= 0.4)
    rack-ssl (1.3.2)
      rack
    rack-test (0.6.1)
      rack (>= 1.0)
    rails (3.2.7)
      actionmailer (= 3.2.7)
      actionpack (= 3.2.7)
      activerecord (= 3.2.7)
      activeresource (= 3.2.7)
      activesupport (= 3.2.7)
      bundler (~> 1.0)
      railties (= 3.2.7)
    rails-asset-jqueryui (0.0.3)
      jquery-rails
    railties (3.2.7)
      actionpack (= 3.2.7)
      activesupport (= 3.2.7)
      rack-ssl (~> 1.3.2)
      rake (>= 0.8.7)
      rdoc (~> 3.4)
      thor (>= 0.14.6, < 2.0)
    rake (0.9.2.2)
    rdoc (3.12)
      json (~> 1.4)
    rspec (2.11.0)
      rspec-core (~> 2.11.0)
      rspec-expectations (~> 2.11.0)
      rspec-mocks (~> 2.11.0)
    rspec-core (2.11.1)
    rspec-expectations (2.11.2)
      diff-lcs (~> 1.1.3)
    rspec-mocks (2.11.2)
    rspec-rails (2.11.0)
      actionpack (>= 3.0)
      activesupport (>= 3.0)
      railties (>= 3.0)
      rspec (~> 2.11.0)
    rubyzip (0.9.9)
    selenium-webdriver (2.25.0)
      childprocess (>= 0.2.5)
      libwebsocket (~> 0.1.3)
      multi_json (~> 1.0)
      rubyzip
    simple_form (2.0.2)
      actionpack (~> 3.0)
      activemodel (~> 3.0)
    spoon (0.0.1)
    spork (1.0.0rc3)
    spork-rails (3.2.0)
      rails (>= 3.0.0, < 3.3.0)
      spork (>= 1.0rc0)
    sprockets (2.1.3)
      hike (~> 1.2)
      rack (~> 1.0)
      tilt (~> 1.1, != 1.3.0)
    sys-uname (0.9.0)
      ffi (>= 1.0.0)
    therubyrhino (2.0.1)
      therubyrhino_jar (>= 1.7.3)
    therubyrhino_jar (1.7.4)
    thor (0.14.6)
    tilt (1.3.3)
    timeliness (0.3.6)
    torquebox (2.1.1)
      thor (= 0.14.6)
      torquebox-cache (= 2.1.1)
      torquebox-configure (= 2.1.1)
      torquebox-core (= 2.1.1)
      torquebox-messaging (= 2.1.1)
      torquebox-naming (= 2.1.1)
      torquebox-rake-support (= 2.1.1)
      torquebox-security (= 2.1.1)
      torquebox-stomp (= 2.1.1)
      torquebox-transactions (= 2.1.1)
      torquebox-web (= 2.1.1)
    torquebox-cache (2.1.1-java)
      torquebox-core (= 2.1.1)
      torquebox-transactions (= 2.1.1)
    torquebox-configure (2.1.1-java)
      blankslate (= 2.1.2.4)
    torquebox-core (2.1.1-java)
    torquebox-messaging (2.1.1-java)
      clj (= 0.0.5.6)
      torquebox-core (= 2.1.1)
      torquebox-transactions (= 2.1.1)
    torquebox-naming (2.1.1-java)
    torquebox-rake-support (2.1.1)
      rake (>= 0.8.7, < 1.0.0)
    torquebox-remote-deployer (0.1.1)
      jruby-openssl
      net-scp
      net-ssh
      rake
      torquebox-rake-support
    torquebox-security (2.1.1-java)
      torquebox-core (= 2.1.1)
    torquebox-server (2.1.1-java)
      torquebox (= 2.1.1)
    torquebox-stomp (2.1.1)
      torquebox-core (= 2.1.1)
      torquebox-messaging (= 2.1.1)
    torquebox-transactions (2.1.1)
      torquebox-core (= 2.1.1)
    torquebox-web (2.1.1-java)
    treetop (1.4.10)
      polyglot
      polyglot (>= 0.3.1)
    tzinfo (0.3.33)
    uglifier (1.2.7)
      execjs (>= 0.3.0)
      multi_json (~> 1.3)
    validates_timeliness (3.0.2)
      timeliness (~> 0.3.2)
    xpath (0.1.4)
      nokogiri (~> 1.3)

PLATFORMS
  java

DEPENDENCIES
  autotest-fsevent
  autotest-growl
  autotest-standalone
  cucumber-rails
  database_cleaner
  google_visualr
  gravatar_image_tag
  haml (= 3.1.4)
  haml-rails (= 0.3.4)
  i18n-js
  jquery-rails
  jruby-openssl
  json
  launchy
  mongoid
  rails (= 3.2.7)
  rails-asset-jqueryui
  rails3-jquery-autocomplete!
  rspec-rails
  simple_form
  spork-rails
  therubyrhino
  torquebox
  torquebox-remote-deployer
  torquebox-server
  uglifier (>= 1.0.3)
  validates_timeliness (= 3.0.2)
